PATH
  remote: .
  specs:
    customview2 (1.0)
      faraday
      faraday_middleware
      her

GEM
  remote: https://rubygems.org/
  specs:
    activemodel (7.0.4.3)
      activesupport (= 7.0.4.3)
    activesupport (7.0.4.3)
      concurrent-ruby (~> 1.0, >= 1.0.2)
      i18n (>= 1.6, < 2)
      minitest (>= 5.1)
      tzinfo (~> 2.0)
    byebug (11.0.1)
    concurrent-ruby (1.2.2)
    diff-lcs (1.3)
    faraday (0.17.6)
      multipart-post (>= 1.2, < 3)
    faraday_middleware (0.13.1)
      faraday (>= 0.7.4, < 1.0)
    her (1.1.1)
      activemodel (>= 4.2.1)
      faraday (>= 0.8)
      multi_json (~> 1.7)
    i18n (1.12.0)
      concurrent-ruby (~> 1.0)
    irb (1.0.0)
    minitest (5.18.0)
    multi_json (1.15.0)
    multipart-post (2.3.0)
    rake (10.5.0)
    rspec (3.8.0)
      rspec-core (~> 3.8.0)
      rspec-expectations (~> 3.8.0)
      rspec-mocks (~> 3.8.0)
    rspec-core (3.8.0)
      rspec-support (~> 3.8.0)
    rspec-expectations (3.8.2)
      diff-lcs (>= 1.2.0, < 2.0)
      rspec-support (~> 3.8.0)
    rspec-mocks (3.8.0)
      diff-lcs (>= 1.2.0, < 2.0)
      rspec-support (~> 3.8.0)
    rspec-support (3.8.0)
    tzinfo (2.0.6)
      concurrent-ruby (~> 1.0)

PLATFORMS
  ruby

DEPENDENCIES
  bundler (~> 1.16)
  byebug
  customview2!
  irb
  rake (~> 10.0)
  rspec (~> 3.0)

BUNDLED WITH
   1.17.3
